GIT
  remote: git://github.com/cog-bundles/cog-rb.git
  revision: 80eda3ad6069094f27a38dc35a8044932d113b72
  specs:
    cog-rb (0.1.3)

GEM
  remote: https://rubygems.org/
  specs:
    text-table (1.2.4)

PLATFORMS
  ruby

DEPENDENCIES
  cog-rb!
  text-table

BUNDLED WITH
   1.12.4
