GIT
  remote: git://github.com/cog-bundles/cog-rb.git
  revision: e70b9bc9ed2ce30890b48c0949446b959bef95c1
  specs:
    cog-rb (0.1.2)

GEM
  remote: https://rubygems.org/
  specs:
    text-table (1.2.4)

PLATFORMS
  ruby

DEPENDENCIES
  cog-rb!
  text-table

BUNDLED WITH
   1.12.4
