GEM
  remote: https://rubygems.org/
  specs:
    cog-rb (0.1.5)
    text-table (1.2.4)

PLATFORMS
  ruby

DEPENDENCIES
  cog-rb (~> 0.1.5)
  text-table

BUNDLED WITH
   1.12.4
