PATH
  remote: ../../cog-rb
  specs:
    cog-rb (0.1.1)

GEM
  remote: https://rubygems.org/
  specs:
    text-table (1.2.4)

PLATFORMS
  ruby

DEPENDENCIES
  cog-rb!
  text-table

BUNDLED WITH
   1.11.2
