GEM
  remote: https://rubygems.org/
  specs:
    text-table (1.2.4)

PLATFORMS
  ruby

DEPENDENCIES
  text-table

BUNDLED WITH
   1.11.2
